GEM
  remote: https://rubygems.org/
  specs:
    puma (3.6.0)
    rack (2.0.1)

PLATFORMS
  ruby

DEPENDENCIES
  puma
  rack

BUNDLED WITH
   1.13.0
